GIT
  remote: https://github.com/ankane/searchkick
  revision: f2c5d60bea5a65661a8d187375f0dc28c73bd742
  specs:
    searchkick (4.1.0)
      activemodel (>= 5)
      elasticsearch (>= 6)
      hashie

GIT
  remote: https://github.com/mshibuya/remotipart.git
  revision: 999f98133c6f4438995127799e44e1d5284c844e
  specs:
    remotipart (1.4.2)

GEM
  remote: https://rubygems.org/
  specs:
    actioncable (5.0.7.2)
      actionpack (= 5.0.7.2)
      nio4r (>= 1.2, < 3.0)
      websocket-driver (~> 0.6.1)
    actionmailer (5.0.7.2)
      actionpack (= 5.0.7.2)
      actionview (= 5.0.7.2)
      activejob (= 5.0.7.2)
      mail (~> 2.5, >= 2.5.4)
      rails-dom-testing (~> 2.0)
    actionpack (5.0.7.2)
      actionview (= 5.0.7.2)
      activesupport (= 5.0.7.2)
      rack (~> 2.0)
      rack-test (~> 0.6.3)
      rails-dom-testing (~> 2.0)
      rails-html-sanitizer (~> 1.0, >= 1.0.2)
    actionview (5.0.7.2)
      activesupport (= 5.0.7.2)
      builder (~> 3.1)
      erubis (~> 2.7.0)
      rails-dom-testing (~> 2.0)
      rails-html-sanitizer (~> 1.0, >= 1.0.3)
    activejob (5.0.7.2)
      activesupport (= 5.0.7.2)
      globalid (>= 0.3.6)
    activemodel (5.0.7.2)
      activesupport (= 5.0.7.2)
    activerecord (5.0.7.2)
      activemodel (= 5.0.7.2)
      activesupport (= 5.0.7.2)
      arel (~> 7.0)
    activesupport (5.0.7.2)
      concurrent-ruby (~> 1.0, >= 1.0.2)
      i18n (>= 0.7, < 2)
      minitest (~> 5.1)
      tzinfo (~> 1.1)
    acts-as-taggable-on (6.0.0)
      activerecord (~> 5.0)
    acts_as_list (1.0.0)
      activerecord (>= 4.2)
    addressable (2.7.0)
      public_suffix (>= 2.0.2, < 5.0)
    ahoy_matey (3.0.0)
      activesupport (>= 5)
      device_detector
      geocoder (>= 1.4.5)
      safely_block (>= 0.2.1)
    ancestry (3.0.7)
      activerecord (>= 3.2.0)
    arel (7.1.4)
    autoprefixer-rails (9.6.1.1)
      execjs
    aws_cf_signer (0.1.3)
    bcrypt (3.1.13)
    bcrypt (3.1.13-java)
    better_errors (2.5.1)
      coderay (>= 1.0.0)
      erubi (>= 1.0.0)
      rack (>= 0.9.0)
    bindex (0.8.1)
    binding_of_caller (0.8.0)
      debug_inspector (>= 0.0.1)
    blazer (2.2.0)
      activerecord (>= 5)
      chartkick (>= 3.2)
      railties (>= 5)
      safely_block (>= 0.1.1)
    bootstrap (4.1.3)
      autoprefixer-rails (>= 6.0.3)
      popper_js (>= 1.12.9, < 2)
      sass (>= 3.5.2)
    builder (3.2.3)
    byebug (11.0.1)
    chartkick (3.2.1)
    choice (0.2.0)
    classifier-reborn (2.2.0)
      fast-stemmer (~> 1.0)
    cloudinary (1.11.1)
      aws_cf_signer
      rest-client
    coderay (1.1.2)
    coffee-rails (4.2.2)
      coffee-script (>= 2.2.0)
      railties (>= 4.0.0)
    coffee-script (2.4.1)
      coffee-script-source
      execjs
    coffee-script-source (1.12.2)
    concurrent-ruby (1.1.5)
    connection_pool (2.2.2)
    crass (1.0.4)
    debug_inspector (0.0.3)
    device_detector (1.0.2)
    devise (4.7.1)
      bcrypt (~> 3.0)
      orm_adapter (~> 0.1)
      railties (>= 4.1.0)
      responders
      warden (~> 1.2.3)
    devise_invitable (2.0.1)
      actionmailer (>= 5.0)
      devise (>= 4.6)
    domain_name (0.5.20190701)
      unf (>= 0.0.5, < 1.0.0)
    dotenv (2.7.5)
    dotenv-rails (2.7.5)
      dotenv (= 2.7.5)
      railties (>= 3.2, < 6.1)
    elasticsearch (7.3.0)
      elasticsearch-api (= 7.3.0)
      elasticsearch-transport (= 7.3.0)
    elasticsearch-api (7.3.0)
      multi_json
    elasticsearch-model (7.0.0)
      activesupport (> 3)
      elasticsearch (> 1)
      hashie
    elasticsearch-rails (7.0.0)
    elasticsearch-transport (7.3.0)
      faraday
      multi_json
    errbase (0.1.1)
    erubi (1.8.0)
    erubis (2.7.0)
    execjs (2.7.0)
    faraday (0.15.4)
      multipart-post (>= 1.2, < 3)
    fast-stemmer (1.0.2)
    ffi (1.11.1)
    ffi (1.11.1-java)
    ffi (1.11.1-x64-mingw32)
    ffi (1.11.1-x86-mingw32)
    figaro (1.1.1)
      thor (~> 0.14)
    font-awesome-rails (4.7.0.5)
      railties (>= 3.2, < 6.1)
    font-awesome-sass (5.9.0)
      sassc (>= 1.11)
    geocoder (1.5.1)
    gibbon (3.3.0)
      faraday (>= 0.9.1)
      multi_json (>= 1.11.0)
    globalid (0.4.2)
      activesupport (>= 4.2.0)
    haml (5.1.2)
      temple (>= 0.8.0)
      tilt
    hangry (0.0.2)
      activesupport
      nokogiri
    hashie (3.6.0)
    http-accept (1.7.0)
    http-cookie (1.0.3)
      domain_name (~> 0.5)
    httparty (0.17.0)
      mime-types (~> 3.0)
      multi_xml (>= 0.5.2)
    i18n (1.6.0)
      concurrent-ruby (~> 1.0)
    jbuilder (2.9.1)
      activesupport (>= 4.2.0)
    jquery-rails (4.3.5)
      rails-dom-testing (>= 1, < 3)
      railties (>= 4.2.0)
      thor (>= 0.14, < 2.0)
    jquery-ui-rails (6.0.1)
      railties (>= 3.2.16)
    json (2.2.0)
    json (2.2.0-java)
    kaminari (1.1.1)
      activesupport (>= 4.1.0)
      kaminari-actionview (= 1.1.1)
      kaminari-activerecord (= 1.1.1)
      kaminari-core (= 1.1.1)
    kaminari-actionview (1.1.1)
      actionview
      kaminari-core (= 1.1.1)
    kaminari-activerecord (1.1.1)
      activerecord
      kaminari-core (= 1.1.1)
    kaminari-core (1.1.1)
    launchy (2.4.3)
      addressable (~> 2.3)
    launchy (2.4.3-java)
      addressable (~> 2.3)
      spoon (~> 0.0.1)
    letter_opener (1.7.0)
      launchy (~> 2.2)
    listen (3.0.8)
      rb-fsevent (~> 0.9, >= 0.9.4)
      rb-inotify (~> 0.9, >= 0.9.7)
    loofah (2.2.3)
      crass (~> 1.0.2)
      nokogiri (>= 1.5.9)
    mail (2.7.1)
      mini_mime (>= 0.1.1)
    method_source (0.9.2)
    mime-types (3.3)
      mime-types-data (~> 3.2015)
    mime-types-data (3.2019.0904)
    mini_mime (1.0.2)
    mini_portile2 (2.4.0)
    minitest (5.11.3)
    multi_json (1.13.1)
    multi_xml (0.6.0)
    multipart-post (2.1.1)
    nested_form (0.3.2)
    nested_form_fields (0.8.2)
      coffee-rails (>= 3.2.1)
      jquery-rails
      rails (>= 3.2.0)
    netrc (0.11.0)
    nio4r (2.5.1)
    nio4r (2.5.1-java)
    nokogiri (1.10.4)
      mini_portile2 (~> 2.4.0)
    nokogiri (1.10.4-java)
    nokogiri (1.10.4-x64-mingw32)
      mini_portile2 (~> 2.4.0)
    nokogiri (1.10.4-x86-mingw32)
      mini_portile2 (~> 2.4.0)
    openfoodfacts (0.5.1)
      hashie (~> 3.4)
      nokogiri (~> 1.7)
    orm_adapter (0.5.0)
    pg (0.21.0)
    pg (0.21.0-x64-mingw32)
    pg (0.21.0-x86-mingw32)
    popper_js (1.14.5)
    postmark (1.15.0)
      json
    postmark-rails (0.19.0)
      actionmailer (>= 3.0.0)
      postmark (~> 1.15.0)
    pry (0.12.2)
      coderay (~> 1.1.0)
      method_source (~> 0.9.0)
    pry (0.12.2-java)
      coderay (~> 1.1.0)
      method_source (~> 0.9.0)
      spoon (~> 0.0)
    public_suffix (4.0.1)
    puma (3.12.1)
    puma (3.12.1-java)
    rack (2.0.7)
    rack-pjax (1.1.0)
      nokogiri (~> 1.5)
      rack (>= 1.1)
    rack-protection (2.0.7)
      rack
    rack-proxy (0.6.5)
      rack
    rack-test (0.6.3)
      rack (>= 1.0)
    rails (5.0.7.2)
      actioncable (= 5.0.7.2)
      actionmailer (= 5.0.7.2)
      actionpack (= 5.0.7.2)
      actionview (= 5.0.7.2)
      activejob (= 5.0.7.2)
      activemodel (= 5.0.7.2)
      activerecord (= 5.0.7.2)
      activesupport (= 5.0.7.2)
      bundler (>= 1.3.0)
      railties (= 5.0.7.2)
      sprockets-rails (>= 2.0.0)
    rails-dom-testing (2.0.3)
      activesupport (>= 4.2.0)
      nokogiri (>= 1.6)
    rails-erd (1.6.0)
      activerecord (>= 4.2)
      activesupport (>= 4.2)
      choice (~> 0.2.0)
      ruby-graphviz (~> 1.2)
    rails-html-sanitizer (1.2.0)
      loofah (~> 2.2, >= 2.2.2)
    rails_admin (1.4.2)
      builder (~> 3.1)
      coffee-rails (~> 4.0)
      font-awesome-rails (>= 3.0, < 5)
      haml (>= 4.0, < 6)
      jquery-rails (>= 3.0, < 5)
      jquery-ui-rails (>= 5.0, < 7)
      kaminari (>= 0.14, < 2.0)
      nested_form (~> 0.3)
      rack-pjax (>= 0.7)
      rails (>= 4.0, < 6)
      remotipart (~> 1.3)
      sass-rails (>= 4.0, < 6)
    railties (5.0.7.2)
      actionpack (= 5.0.7.2)
      activesupport (= 5.0.7.2)
      method_source
      rake (>= 0.8.7)
      thor (>= 0.18.1, < 2.0)
    rake (12.3.3)
    rb-fsevent (0.10.3)
    rb-inotify (0.10.0)
      ffi (~> 1.0)
    redis (4.1.2)
    responders (3.0.0)
      actionpack (>= 5.0)
      railties (>= 5.0)
    rest-client (2.1.0)
      http-accept (>= 1.7.0, < 2.0)
      http-cookie (>= 1.0.2, < 2.0)
      mime-types (>= 1.16, < 4.0)
      netrc (~> 0.8)
    rest-client (2.1.0-x64-mingw32)
      ffi (~> 1.9)
      http-accept (>= 1.7.0, < 2.0)
      http-cookie (>= 1.0.2, < 2.0)
      mime-types (>= 1.16, < 4.0)
      netrc (~> 0.8)
    rest-client (2.1.0-x86-mingw32)
      ffi (~> 1.9)
      http-accept (>= 1.7.0, < 2.0)
      http-cookie (>= 1.0.2, < 2.0)
      mime-types (>= 1.16, < 4.0)
      netrc (~> 0.8)
    rest-client (2.1.0-x86-mswin32)
      ffi (~> 1.9)
      http-accept (>= 1.7.0, < 2.0)
      http-cookie (>= 1.0.2, < 2.0)
      mime-types (>= 1.16, < 4.0)
      netrc (~> 0.8)
    ruby-graphviz (1.2.4)
    safely_block (0.2.2)
      errbase (>= 0.1.1)
    sass (3.7.4)
      sass-listen (~> 4.0.0)
    sass-listen (4.0.0)
      rb-fsevent (~> 0.9, >= 0.9.4)
      rb-inotify (~> 0.9, >= 0.9.7)
    sass-rails (5.0.7)
      railties (>= 4.0.0, < 6)
      sass (~> 3.1)
      sprockets (>= 2.8, < 4.0)
      sprockets-rails (>= 2.0, < 4.0)
      tilt (>= 1.1, < 3)
    sassc (2.2.0)
      ffi (~> 1.9)
    sassc (2.2.0-x64-mingw32)
      ffi (~> 1.9)
    sassc (2.2.0-x86-mingw32)
      ffi (~> 1.9)
    selectize-rails (0.12.6)
    sidekiq (5.2.7)
      connection_pool (~> 2.2, >= 2.2.2)
      rack (>= 1.5.0)
      rack-protection (>= 1.5.0)
      redis (>= 3.3.5, < 5)
    sidekiq-failures (1.0.0)
      sidekiq (>= 4.0.0)
    simple_form (4.1.0)
      actionpack (>= 5.0)
      activemodel (>= 5.0)
    spoon (0.0.6)
      ffi
    spring (2.1.0)
    spring-watcher-listen (2.0.1)
      listen (>= 2.7, < 4.0)
      spring (>= 1.2, < 3.0)
    sprockets (3.7.2)
      concurrent-ruby (~> 1.0)
      rack (> 1, < 3)
    sprockets-rails (3.2.1)
      actionpack (>= 4.0)
      activesupport (>= 4.0)
      sprockets (>= 3.0.0)
    temple (0.8.2)
    thor (0.20.3)
    thread_safe (0.3.6)
    thread_safe (0.3.6-java)
    tilt (2.0.9)
    turbolinks (5.2.0)
      turbolinks-source (~> 5.2)
    turbolinks-source (5.2.0)
    tzinfo (1.2.5)
      thread_safe (~> 0.1)
    tzinfo-data (1.2019.3)
      tzinfo (>= 1.0.0)
    uglifier (4.1.20)
      execjs (>= 0.3.0, < 3)
    unf (0.1.4)
      unf_ext
    unf (0.1.4-java)
    unf_ext (0.0.7.6)
    warden (1.2.8)
      rack (>= 2.0.6)
    web-console (3.7.0)
      actionview (>= 5.0)
      activemodel (>= 5.0)
      bindex (>= 0.4.0)
      railties (>= 5.0)
    webpacker (3.6.0)
      activesupport (>= 4.2)
      rack-proxy (>= 0.6.1)
      railties (>= 4.2)
    websocket-driver (0.6.5)
      websocket-extensions (>= 0.1.0)
    websocket-driver (0.6.5-java)
      websocket-extensions (>= 0.1.0)
    websocket-extensions (0.1.4)
    wicked_pdf (1.4.0)
      activesupport
    wkhtmltopdf-binary (0.12.4)

PLATFORMS
  java
  ruby
  x64-mingw32
  x86-mingw32
  x86-mswin32

DEPENDENCIES
  acts-as-taggable-on (~> 6.0)
  acts_as_list
  ahoy_matey
  ancestry
  autoprefixer-rails
  better_errors
  binding_of_caller
  blazer
  bootstrap
  byebug
  classifier-reborn
  cloudinary
  coffee-rails (~> 4.2)
  devise
  devise_invitable (~> 2.0.0)
  dotenv-rails
  elasticsearch-model
  elasticsearch-rails
  figaro
  font-awesome-sass
  gibbon
  hangry
  httparty
  jbuilder (~> 2.5)
  jquery-rails
  jquery-ui-rails
  letter_opener
  listen (~> 3.0.5)
  nested_form_fields
  openfoodfacts
  pg (~> 0.18)
  postmark-rails
  pry
  puma (~> 3.0)
  rails (~> 5.0.5)
  rails-erd
  rails_admin (~> 1.3)
  remotipart!
  sass-rails (~> 5.0)
  searchkick!
  selectize-rails
  sidekiq
  sidekiq-failures (~> 1.0)
  simple_form
  spring
  spring-watcher-listen (~> 2.0.0)
  turbolinks (~> 5)
  tzinfo-data
  uglifier (>= 1.3.0)
  web-console (>= 3.3.0)
  webpacker (~> 3.5)
  wicked_pdf
  wkhtmltopdf-binary

RUBY VERSION
   ruby 2.6.2p47

BUNDLED WITH
   2.0.2
